GEM
  remote: https://rubygems.org/
  specs:
    bson (1.6.2)
    bson_ext (1.6.2)
      bson (~> 1.6.2)
    mongo (1.6.2)
      bson (~> 1.6.2)
    rack (1.4.1)
    rack-flash3 (1.0.1)
      rack
      rack
    rack-protection (1.2.0)
      rack
    sinatra (1.3.2)
      rack (~> 1.3, >= 1.3.6)
      rack-protection (~> 1.2)
      tilt (~> 1.3, >= 1.3.3)
    sinatra-mongo (0.1.0)
      mongo
      sinatra (>= 0.9.4)
    tilt (1.3.3)

PLATFORMS
  ruby
  x86-mingw32

DEPENDENCIES
  bson_ext
  mongo
  rack-flash3
  sinatra
  sinatra-mongo
